GEM
  remote: https://rubygems.org/
  specs:
    ethon (0.12.0)
      ffi (>= 1.3.0)
    ffi (1.11.1)
    mustermann (2.0.2)
      ruby2_keywords (~> 0.0.1)
    rack (2.2.4)
    rack-protection (2.2.3)
      rack
    ruby2_keywords (0.0.5)
    sinatra (2.2.3)
      mustermann (~> 2.0)
      rack (~> 2.2)
      rack-protection (= 2.2.3)
      tilt (~> 2.0)
    tilt (2.0.11)
    typhoeus (1.3.1)
      ethon (>= 0.9.0)

PLATFORMS
  ruby

DEPENDENCIES
  sinatra
  typhoeus

BUNDLED WITH
   1.17.2
